GEM
  remote: http://rubygems.org/
  specs:
    nokogiri (1.5.6)
    trollop (2.0)

PLATFORMS
  ruby

DEPENDENCIES
  nokogiri
  trollop
